GEM
  remote: http://rubygems.org/
  specs:
    fast-aes (0.1.1)
    json (1.7.5)
    mime-types (1.19)
    rack (1.4.1)
    rack-protection (1.2.0)
      rack
    rest-client (1.6.7)
      mime-types (>= 1.16)
    rubyzip (0.9.8)
    sass (3.1.19)
    sinatra (1.3.2)
      rack (~> 1.3, >= 1.3.6)
      rack-protection (~> 1.2)
      tilt (~> 1.3, >= 1.3.3)
    sinatra-static-assets (1.0.3)
      sinatra (>= 1.1.0)
    tilt (1.3.3)

PLATFORMS
  ruby

DEPENDENCIES
  fast-aes
  json
  rest-client
  rubyzip
  sass
  sinatra
  sinatra-static-assets
