GEM
  remote: http://rubygems.org/
  specs:
    i18n (0.6.9)
    jsmin (1.0.1)
    json (1.7.5)
    mail (2.3.3)
      i18n (>= 0.4.0)
      mime-types (~> 1.16)
      treetop (~> 1.4.8)
    mime-types (1.19)
    nokogiri (1.5.6)
    polyglot (0.3.4)
    rack (1.4.1)
    rack-protection (1.2.0)
      rack
    rack-test (0.6.2)
      rack (>= 1.0)
    rest-client (1.6.7)
      mime-types (>= 1.16)
    rubyzip (0.9.8)
    sanitize (2.0.3)
      nokogiri (>= 1.4.4, < 1.6)
    sass (3.1.19)
    sinatra (1.3.2)
      rack (~> 1.3, >= 1.3.6)
      rack-protection (~> 1.2)
      tilt (~> 1.3, >= 1.3.3)
    sinatra-assetpack (0.3.3)
      jsmin
      rack-test
      sinatra
      tilt (>= 1.3.0, < 2.0)
    sinatra-static-assets (1.0.3)
      sinatra (>= 1.1.0)
    tilt (1.3.3)
    treetop (1.4.15)
      polyglot
      polyglot (>= 0.3.1)
    yui-compressor (0.12.0)

PLATFORMS
  ruby

DEPENDENCIES
  json
  mail
  rest-client
  rubyzip
  sanitize
  sass
  sinatra
  sinatra-assetpack
  sinatra-static-assets
  yui-compressor
